GEM
  remote: http://rubygems.org/
  specs:
    ZenTest (4.8.3)
    activesupport (3.2.13)
      i18n (= 0.6.1)
      multi_json (~> 1.0)
    chronic (0.9.1)
    delorean (2.1.0)
      chronic
    diff-lcs (1.1.3)
    git (1.2.5)
    i18n (0.6.1)
    jeweler (1.8.4)
      bundler (~> 1.0)
      git (>= 1.2.5)
      rake
      rdoc
    json (1.7.7)
    multi_json (1.7.2)
    parse-cron (0.1.2)
    rake (10.0.4)
    rdoc (3.12.2)
      json (~> 1.4)
    rspec (2.8.0)
      rspec-core (~> 2.8.0)
      rspec-expectations (~> 2.8.0)
      rspec-mocks (~> 2.8.0)
    rspec-core (2.8.0)
    rspec-expectations (2.8.0)
      diff-lcs (~> 1.1.2)
    rspec-mocks (2.8.0)
    whenever (0.8.2)
      activesupport (>= 2.3.4)
      chronic (>= 0.6.3)

PLATFORMS
  ruby

DEPENDENCIES
  ZenTest
  delorean (~> 2.1)
  jeweler (~> 1.8.4)
  parse-cron (~> 0.1.2)
  rdoc (~> 3.12)
  rspec (~> 2.8.0)
  whenever (~> 0.8)
